GEM
  remote: https://rubygems.org/
  specs:
    builder (3.2.2)
    bunny (0.7.10)
    chef (10.28.0)
      bunny (>= 0.6.0, < 0.8.0)
      erubis
      highline (>= 1.6.9)
      json (>= 1.4.4, <= 1.7.7)
      mixlib-authentication (>= 1.3.0)
      mixlib-cli (>= 1.1.0)
      mixlib-config (>= 1.1.2)
      mixlib-log (>= 1.3.0)
      mixlib-shellout
      moneta (< 0.7.0)
      net-ssh (~> 2.6)
      net-ssh-multi (~> 1.1.0)
      ohai (>= 0.6.0)
      rest-client (>= 1.0.4, < 1.7.0)
      treetop (~> 1.4.9)
      uuidtools
      yajl-ruby (~> 1.1)
    chef-provisioning (1.5.0)
      cheffish (~> 1.3, >= 1.3.1)
      inifile (~> 2.0)
      mixlib-install (~> 0.7.0)
      net-scp (~> 1.0)
      net-ssh (~> 2.0)
      net-ssh-gateway (~> 1.2.0)
      winrm (~> 1.3)
    chef-provisioning-ssh (0.0.9)
      chef-provisioning
    chef-vault (2.7.1)
    chef-zero (4.2.3)
      ffi-yajl (>= 1.1, < 3.0)
      hashie (~> 2.0)
      mixlib-log (~> 1.3)
      rack
      uuidtools (~> 2.1)
    cheffish (1.5.0)
      chef-zero (~> 4.2)
    coderay (1.1.0)
    diff-lcs (1.2.5)
    erubis (2.7.0)
    faker (1.6.1)
      i18n (~> 0.5)
    ffi (1.9.10)
    ffi-yajl (1.4.0)
      ffi (~> 1.5)
      libyajl2 (~> 1.2)
    gssapi (1.2.0)
      ffi (>= 1.0.1)
    gyoku (1.3.1)
      builder (>= 2.1.2)
    hashie (2.1.2)
    highline (1.7.8)
    httpclient (2.7.1)
    i18n (0.7.0)
    inifile (2.0.2)
    ipaddress (0.8.2)
    json (1.7.7)
    libyajl2 (1.2.0)
    little-plugger (1.1.4)
    logging (2.0.0)
      little-plugger (~> 1.1)
      multi_json (~> 1.10)
    method_source (0.8.2)
    mime-types (1.25.1)
    mixlib-authentication (1.4.0)
      mixlib-log
      rspec-core (~> 3.2)
      rspec-expectations (~> 3.2)
      rspec-mocks (~> 3.2)
    mixlib-cli (1.5.0)
    mixlib-config (2.2.1)
    mixlib-install (0.7.1)
    mixlib-log (1.6.0)
    mixlib-shellout (1.6.1)
    moneta (0.6.0)
    multi_json (1.11.2)
    net-scp (1.2.1)
      net-ssh (>= 2.6.5)
    net-ssh (2.9.4)
    net-ssh-gateway (1.2.0)
      net-ssh (>= 2.6.5)
    net-ssh-multi (1.1)
      net-ssh (>= 2.1.4)
      net-ssh-gateway (>= 0.99.0)
    nori (2.6.0)
    ohai (7.4.1)
      ffi (~> 1.9)
      ffi-yajl (~> 1.1)
      ipaddress
      mime-types (~> 1.16)
      mixlib-cli
      mixlib-config (~> 2.0)
      mixlib-log
      mixlib-shellout (~> 1.2)
      systemu (~> 2.6.4)
      wmi-lite (~> 1.0)
    parallel (1.6.1)
    polyglot (0.3.5)
    pry (0.10.3)
      coderay (~> 1.1.0)
      method_source (~> 0.8.1)
      slop (~> 3.4)
    rack (1.6.4)
    rest-client (1.6.9)
      mime-types (~> 1.16)
    rspec-core (3.4.2)
      rspec-support (~> 3.4.0)
    rspec-expectations (3.4.0)
      diff-lcs (>= 1.2.0, < 2.0)
      rspec-support (~> 3.4.0)
    rspec-mocks (3.4.1)
      diff-lcs (>= 1.2.0, < 2.0)
      rspec-support (~> 3.4.0)
    rspec-support (3.4.1)
    ruby-progressbar (1.7.5)
    rubyntlm (0.5.3)
    slop (3.6.0)
    systemu (2.6.5)
    treetop (1.4.15)
      polyglot
      polyglot
      polyglot
      polyglot
      polyglot
      polyglot
      polyglot
      polyglot
      polyglot
      polyglot
      polyglot
      polyglot
      polyglot
      polyglot
      polyglot
      polyglot
      polyglot
      polyglot (>= 0.3.1)
      polyglot (>= 0.3.1)
      polyglot (>= 0.3.1)
      polyglot (>= 0.3.1)
      polyglot (>= 0.3.1)
      polyglot (>= 0.3.1)
      polyglot (>= 0.3.1)
      polyglot (>= 0.3.1)
      polyglot (>= 0.3.1)
      polyglot (>= 0.3.1)
      polyglot (>= 0.3.1)
      polyglot (>= 0.3.1)
      polyglot (>= 0.3.1)
      polyglot (>= 0.3.1)
      polyglot (>= 0.3.1)
      polyglot (>= 0.3.1)
      polyglot (>= 0.3.1)
      polyglot (>= 0.3.1)
      polyglot (>= 0.3.1)
      polyglot (>= 0.3.1)
      polyglot (>= 0.3.1)
      polyglot (>= 0.3.1)
      polyglot (>= 0.3.1)
      polyglot (>= 0.3.1)
      polyglot (>= 0.3.1)
      polyglot (>= 0.3.1)
      polyglot (>= 0.3.1)
      polyglot (>= 0.3.1)
      polyglot (>= 0.3.1)
      polyglot (>= 0.3.1)
      polyglot (>= 0.3.1)
      polyglot (>= 0.3.1)
      polyglot (>= 0.3.1)
      polyglot (>= 0.3.1)
      polyglot (>= 0.3.1)
      polyglot (>= 0.3.1)
      polyglot (>= 0.3.1)
      polyglot (>= 0.3.1)
      polyglot (>= 0.3.1)
      polyglot (>= 0.3.1)
      polyglot (>= 0.3.1)
      polyglot (>= 0.3.1)
      polyglot (>= 0.3.1)
      polyglot (>= 0.3.1)
      polyglot (>= 0.3.1)
      polyglot (>= 0.3.1)
      polyglot (>= 0.3.1)
      polyglot (>= 0.3.1)
      polyglot (>= 0.3.1)
      polyglot (>= 0.3.1)
      polyglot (>= 0.3.1)
      polyglot (>= 0.3.1)
      polyglot (>= 0.3.1)
      polyglot (>= 0.3.1)
      polyglot (>= 0.3.1)
      polyglot (>= 0.3.1)
      polyglot (>= 0.3.1)
      polyglot (>= 0.3.1)
      polyglot (>= 0.3.1)
      polyglot (>= 0.3.1)
      polyglot (>= 0.3.1)
      polyglot (>= 0.3.1)
      polyglot (>= 0.3.1)
      polyglot (>= 0.3.1)
      polyglot (>= 0.3.1)
      polyglot (>= 0.3.1)
      polyglot (>= 0.3.1)
      polyglot (>= 0.3.1)
      polyglot (>= 0.3.1)
      polyglot (>= 0.3.1)
      polyglot (>= 0.3.1)
      polyglot (>= 0.3.1)
      polyglot (>= 0.3.1)
      polyglot (>= 0.3.1)
      polyglot (>= 0.3.1)
      polyglot (>= 0.3.1)
      polyglot (>= 0.3.1)
      polyglot (>= 0.3.1)
      polyglot (>= 0.3.1)
      polyglot (>= 0.3.1)
      polyglot (>= 0.3.1)
      polyglot (>= 0.3.1)
      polyglot (>= 0.3.1)
      polyglot (>= 0.3.1)
      polyglot (>= 0.3.1)
      polyglot (>= 0.3.1)
      polyglot (>= 0.3.1)
      polyglot (>= 0.3.1)
      polyglot (>= 0.3.1)
      polyglot (>= 0.3.1)
      polyglot (>= 0.3.1)
      polyglot (>= 0.3.1)
      polyglot (>= 0.3.1)
      polyglot (>= 0.3.1)
      polyglot (>= 0.3.1)
      polyglot (>= 0.3.1)
      polyglot (>= 0.3.1)
      polyglot (>= 0.3.1)
      polyglot (>= 0.3.1)
      polyglot (>= 0.3.1)
      polyglot (>= 0.3.1)
      polyglot (>= 0.3.1)
      polyglot (>= 0.3.1)
      polyglot (>= 0.3.1)
      polyglot (>= 0.3.1)
      polyglot (>= 0.3.1)
      polyglot (>= 0.3.1)
      polyglot (>= 0.3.1)
      polyglot (>= 0.3.1)
      polyglot (>= 0.3.1)
      polyglot (>= 0.3.1)
      polyglot (>= 0.3.1)
      polyglot (>= 0.3.1)
      polyglot (>= 0.3.1)
      polyglot (>= 0.3.1)
      polyglot (>= 0.3.1)
      polyglot (>= 0.3.1)
      polyglot (>= 0.3.1)
      polyglot (>= 0.3.1)
      polyglot (>= 0.3.1)
      polyglot (>= 0.3.1)
      polyglot (>= 0.3.1)
      polyglot (>= 0.3.1)
      polyglot (>= 0.3.1)
      polyglot (>= 0.3.1)
      polyglot (>= 0.3.1)
      polyglot (>= 0.3.1)
      polyglot (>= 0.3.1)
      polyglot (>= 0.3.1)
      polyglot (>= 0.3.1)
      polyglot (>= 0.3.1)
      polyglot (>= 0.3.1)
      polyglot (>= 0.3.1)
      polyglot (>= 0.3.1)
      polyglot (>= 0.3.1)
      polyglot (>= 0.3.1)
      polyglot (>= 0.3.1)
      polyglot (>= 0.3.1)
      polyglot (>= 0.3.1)
      polyglot (>= 0.3.1)
      polyglot (>= 0.3.1)
      polyglot (>= 0.3.1)
      polyglot (>= 0.3.1)
      polyglot (>= 0.3.1)
      polyglot (>= 0.3.1)
      polyglot (>= 0.3.1)
      polyglot (>= 0.3.1)
      polyglot (>= 0.3.1)
      polyglot (>= 0.3.1)
      polyglot (>= 0.3.1)
      polyglot (>= 0.3.1)
      polyglot (>= 0.3.1)
      polyglot (>= 0.3.1)
      polyglot (>= 0.3.1)
      polyglot (>= 0.3.1)
      polyglot (>= 0.3.1)
      polyglot (>= 0.3.1)
      polyglot (>= 0.3.1)
      polyglot (>= 0.3.1)
      polyglot (>= 0.3.1)
      polyglot (>= 0.3.1)
      polyglot (>= 0.3.1)
      polyglot (>= 0.3.1)
      polyglot (>= 0.3.1)
      polyglot (>= 0.3.1)
      polyglot (>= 0.3.1)
      polyglot (>= 0.3.1)
      polyglot (>= 0.3.1)
      polyglot (>= 0.3.1)
      polyglot (>= 0.3.1)
      polyglot (>= 0.3.1)
      polyglot (>= 0.3.1)
      polyglot (>= 0.3.1)
      polyglot (>= 0.3.1)
      polyglot (>= 0.3.1)
      polyglot (>= 0.3.1)
      polyglot (>= 0.3.1)
      polyglot (>= 0.3.1)
      polyglot (>= 0.3.1)
      polyglot (>= 0.3.1)
      polyglot (>= 0.3.1)
      polyglot (>= 0.3.1)
      polyglot (>= 0.3.1)
      polyglot (>= 0.3.1)
      polyglot (>= 0.3.1)
      polyglot (>= 0.3.1)
      polyglot (>= 0.3.1)
      polyglot (>= 0.3.1)
      polyglot (>= 0.3.1)
      polyglot (>= 0.3.1)
      polyglot (>= 0.3.1)
      polyglot (>= 0.3.1)
      polyglot (>= 0.3.1)
      polyglot (>= 0.3.1)
      polyglot (>= 0.3.1)
      polyglot (>= 0.3.1)
      polyglot (>= 0.3.1)
      polyglot (>= 0.3.1)
      polyglot (>= 0.3.1)
      polyglot (>= 0.3.1)
      polyglot (>= 0.3.1)
      polyglot (>= 0.3.1)
      polyglot (>= 0.3.1)
      polyglot (>= 0.3.1)
      polyglot (>= 0.3.1)
      polyglot (>= 0.3.1)
      polyglot (>= 0.3.1)
      polyglot (>= 0.3.1)
      polyglot (>= 0.3.1)
      polyglot (>= 0.3.1)
      polyglot (>= 0.3.1)
      polyglot (>= 0.3.1)
      polyglot (>= 0.3.1)
      polyglot (>= 0.3.1)
      polyglot (>= 0.3.1)
      polyglot (>= 0.3.1)
      polyglot (>= 0.3.1)
      polyglot (>= 0.3.1)
      polyglot (>= 0.3.1)
      polyglot (>= 0.3.1)
      polyglot (>= 0.3.1)
      polyglot (>= 0.3.1)
      polyglot (>= 0.3.1)
      polyglot (>= 0.3.1)
      polyglot (>= 0.3.1)
      polyglot (>= 0.3.1)
      polyglot (>= 0.3.1)
      polyglot (>= 0.3.1)
      polyglot (>= 0.3.1)
      polyglot (>= 0.3.1)
      polyglot (>= 0.3.1)
      polyglot (>= 0.3.1)
      polyglot (>= 0.3.1)
      polyglot (>= 0.3.1)
      polyglot (>= 0.3.1)
      polyglot (>= 0.3.1)
      polyglot (>= 0.3.1)
      polyglot (>= 0.3.1)
      polyglot (>= 0.3.1)
      polyglot (>= 0.3.1)
      polyglot (>= 0.3.1)
      polyglot (>= 0.3.1)
      polyglot (>= 0.3.1)
      polyglot (>= 0.3.1)
      polyglot (>= 0.3.1)
      polyglot (>= 0.3.1)
      polyglot (>= 0.3.1)
      polyglot (>= 0.3.1)
      polyglot (>= 0.3.1)
      polyglot (>= 0.3.1)
      polyglot (>= 0.3.1)
      polyglot (>= 0.3.1)
      polyglot (>= 0.3.1)
      polyglot (>= 0.3.1)
      polyglot (>= 0.3.1)
      polyglot (>= 0.3.1)
      polyglot (>= 0.3.1)
      polyglot (>= 0.3.1)
      polyglot (>= 0.3.1)
      polyglot (>= 0.3.1)
      polyglot (>= 0.3.1)
      polyglot (>= 0.3.1)
      polyglot (>= 0.3.1)
      polyglot (>= 0.3.1)
      polyglot (>= 0.3.1)
      polyglot (>= 0.3.1)
      polyglot (>= 0.3.1)
      polyglot (>= 0.3.1)
      polyglot (>= 0.3.1)
      polyglot (>= 0.3.1)
      polyglot (>= 0.3.1)
      polyglot (>= 0.3.1)
      polyglot (>= 0.3.1)
      polyglot (>= 0.3.1)
      polyglot (>= 0.3.1)
      polyglot (>= 0.3.1)
      polyglot (>= 0.3.1)
      polyglot (>= 0.3.1)
      polyglot (>= 0.3.1)
      polyglot (>= 0.3.1)
      polyglot (>= 0.3.1)
      polyglot (>= 0.3.1)
      polyglot (>= 0.3.1)
      polyglot (>= 0.3.1)
      polyglot (>= 0.3.1)
      polyglot (>= 0.3.1)
      polyglot (>= 0.3.1)
      polyglot (>= 0.3.1)
      polyglot (>= 0.3.1)
      polyglot (>= 0.3.1)
      polyglot (>= 0.3.1)
      polyglot (>= 0.3.1)
      polyglot (>= 0.3.1)
      polyglot (>= 0.3.1)
      polyglot (>= 0.3.1)
      polyglot (>= 0.3.1)
      polyglot (>= 0.3.1)
      polyglot (>= 0.3.1)
      polyglot (>= 0.3.1)
      polyglot (>= 0.3.1)
      polyglot (>= 0.3.1)
      polyglot (>= 0.3.1)
      polyglot (>= 0.3.1)
      polyglot (>= 0.3.1)
      polyglot (>= 0.3.1)
      polyglot (>= 0.3.1)
      polyglot (>= 0.3.1)
      polyglot (>= 0.3.1)
      polyglot (>= 0.3.1)
      polyglot (>= 0.3.1)
      polyglot (>= 0.3.1)
      polyglot (>= 0.3.1)
      polyglot (>= 0.3.1)
      polyglot (>= 0.3.1)
      polyglot (>= 0.3.1)
      polyglot (>= 0.3.1)
      polyglot (>= 0.3.1)
      polyglot (>= 0.3.1)
      polyglot (>= 0.3.1)
      polyglot (>= 0.3.1)
      polyglot (>= 0.3.1)
      polyglot (>= 0.3.1)
      polyglot (>= 0.3.1)
      polyglot (>= 0.3.1)
      polyglot (>= 0.3.1)
      polyglot (>= 0.3.1)
      polyglot (>= 0.3.1)
      polyglot (>= 0.3.1)
      polyglot (>= 0.3.1)
      polyglot (>= 0.3.1)
      polyglot (>= 0.3.1)
      polyglot (>= 0.3.1)
      polyglot (>= 0.3.1)
      polyglot (>= 0.3.1)
      polyglot (>= 0.3.1)
      polyglot (>= 0.3.1)
      polyglot (>= 0.3.1)
      polyglot (>= 0.3.1)
      polyglot (>= 0.3.1)
      polyglot (>= 0.3.1)
      polyglot (>= 0.3.1)
      polyglot (>= 0.3.1)
      polyglot (>= 0.3.1)
      polyglot (>= 0.3.1)
      polyglot (>= 0.3.1)
      polyglot (>= 0.3.1)
      polyglot (>= 0.3.1)
      polyglot (>= 0.3.1)
      polyglot (>= 0.3.1)
      polyglot (>= 0.3.1)
      polyglot (>= 0.3.1)
      polyglot (>= 0.3.1)
      polyglot (>= 0.3.1)
      polyglot (>= 0.3.1)
      polyglot (>= 0.3.1)
      polyglot (>= 0.3.1)
      polyglot (>= 0.3.1)
      polyglot (>= 0.3.1)
      polyglot (>= 0.3.1)
      polyglot (>= 0.3.1)
      polyglot (>= 0.3.1)
      polyglot (>= 0.3.1)
      polyglot (>= 0.3.1)
      polyglot (>= 0.3.1)
      polyglot (>= 0.3.1)
      polyglot (>= 0.3.1)
      polyglot (>= 0.3.1)
      polyglot (>= 0.3.1)
      polyglot (>= 0.3.1)
      polyglot (>= 0.3.1)
      polyglot (>= 0.3.1)
      polyglot (>= 0.3.1)
      polyglot (>= 0.3.1)
      polyglot (>= 0.3.1)
      polyglot (>= 0.3.1)
      polyglot (>= 0.3.1)
      polyglot (>= 0.3.1)
      polyglot (>= 0.3.1)
      polyglot (>= 0.3.1)
      polyglot (>= 0.3.1)
      polyglot (>= 0.3.1)
      polyglot (>= 0.3.1)
      polyglot (>= 0.3.1)
      polyglot (>= 0.3.1)
      polyglot (>= 0.3.1)
      polyglot (>= 0.3.1)
      polyglot (>= 0.3.1)
      polyglot (>= 0.3.1)
      polyglot (>= 0.3.1)
      polyglot (>= 0.3.1)
      polyglot (>= 0.3.1)
      polyglot (>= 0.3.1)
      polyglot (>= 0.3.1)
      polyglot (>= 0.3.1)
      polyglot (>= 0.3.1)
      polyglot (>= 0.3.1)
      polyglot (>= 0.3.1)
      polyglot (>= 0.3.1)
      polyglot (>= 0.3.1)
      polyglot (>= 0.3.1)
      polyglot (>= 0.3.1)
      polyglot (>= 0.3.1)
      polyglot (>= 0.3.1)
      polyglot (>= 0.3.1)
      polyglot (>= 0.3.1)
      polyglot (>= 0.3.1)
      polyglot (>= 0.3.1)
      polyglot (>= 0.3.1)
      polyglot (>= 0.3.1)
      polyglot (>= 0.3.1)
      polyglot (>= 0.3.1)
      polyglot (>= 0.3.1)
      polyglot (>= 0.3.1)
      polyglot (>= 0.3.1)
      polyglot (>= 0.3.1)
      polyglot (>= 0.3.1)
      polyglot (>= 0.3.1)
      polyglot (>= 0.3.1)
      polyglot (>= 0.3.1)
      polyglot (>= 0.3.1)
      polyglot (>= 0.3.1)
      polyglot (>= 0.3.1)
      polyglot (>= 0.3.1)
      polyglot (>= 0.3.1)
      polyglot (>= 0.3.1)
      polyglot (>= 0.3.1)
      polyglot (>= 0.3.1)
      polyglot (>= 0.3.1)
      polyglot (>= 0.3.1)
      polyglot (>= 0.3.1)
      polyglot (>= 0.3.1)
      polyglot (>= 0.3.1)
      polyglot (>= 0.3.1)
      polyglot (>= 0.3.1)
      polyglot (>= 0.3.1)
      polyglot (>= 0.3.1)
      polyglot (>= 0.3.1)
      polyglot (>= 0.3.1)
      polyglot (>= 0.3.1)
      polyglot (>= 0.3.1)
      polyglot (>= 0.3.1)
      polyglot (>= 0.3.1)
      polyglot (>= 0.3.1)
      polyglot (>= 0.3.1)
      polyglot (>= 0.3.1)
      polyglot (>= 0.3.1)
      polyglot (>= 0.3.1)
      polyglot (>= 0.3.1)
      polyglot (>= 0.3.1)
      polyglot (>= 0.3.1)
      polyglot (>= 0.3.1)
      polyglot (>= 0.3.1)
      polyglot (>= 0.3.1)
      polyglot (>= 0.3.1)
      polyglot (>= 0.3.1)
      polyglot (>= 0.3.1)
      polyglot (>= 0.3.1)
      polyglot (>= 0.3.1)
      polyglot (>= 0.3.1)
      polyglot (>= 0.3.1)
      polyglot (>= 0.3.1)
      polyglot (>= 0.3.1)
      polyglot (>= 0.3.1)
      polyglot (>= 0.3.1)
      polyglot (>= 0.3.1)
      polyglot (>= 0.3.1)
      polyglot (>= 0.3.1)
      polyglot (>= 0.3.1)
      polyglot (>= 0.3.1)
      polyglot (>= 0.3.1)
      polyglot (>= 0.3.1)
      polyglot (>= 0.3.1)
      polyglot (>= 0.3.1)
      polyglot (>= 0.3.1)
      polyglot (>= 0.3.1)
      polyglot (>= 0.3.1)
      polyglot (>= 0.3.1)
      polyglot (>= 0.3.1)
      polyglot (>= 0.3.1)
      polyglot (>= 0.3.1)
      polyglot (>= 0.3.1)
      polyglot (>= 0.3.1)
      polyglot (>= 0.3.1)
      polyglot (>= 0.3.1)
      polyglot (>= 0.3.1)
      polyglot (>= 0.3.1)
      polyglot (>= 0.3.1)
      polyglot (>= 0.3.1)
      polyglot (>= 0.3.1)
      polyglot (>= 0.3.1)
      polyglot (>= 0.3.1)
      polyglot (>= 0.3.1)
      polyglot (>= 0.3.1)
      polyglot (>= 0.3.1)
      polyglot (>= 0.3.1)
      polyglot (>= 0.3.1)
      polyglot (>= 0.3.1)
      polyglot (>= 0.3.1)
      polyglot (>= 0.3.1)
      polyglot (>= 0.3.1)
      polyglot (>= 0.3.1)
      polyglot (>= 0.3.1)
      polyglot (>= 0.3.1)
      polyglot (>= 0.3.1)
      polyglot (>= 0.3.1)
      polyglot (>= 0.3.1)
      polyglot (>= 0.3.1)
      polyglot (>= 0.3.1)
      polyglot (>= 0.3.1)
      polyglot (>= 0.3.1)
      polyglot (>= 0.3.1)
      polyglot (>= 0.3.1)
      polyglot (>= 0.3.1)
      polyglot (>= 0.3.1)
      polyglot (>= 0.3.1)
      polyglot (>= 0.3.1)
      polyglot (>= 0.3.1)
      polyglot (>= 0.3.1)
      polyglot (>= 0.3.1)
      polyglot (>= 0.3.1)
      polyglot (>= 0.3.1)
      polyglot (>= 0.3.1)
    uuidtools (2.1.5)
    winrm (1.6.0)
      builder (>= 2.1.2)
      gssapi (~> 1.2)
      gyoku (~> 1.0)
      httpclient (~> 2.2, >= 2.2.0.2)
      logging (>= 1.6.1, < 3.0)
      nori (~> 2.0)
      rubyntlm (~> 0.5.0, >= 0.5.3)
    wmi-lite (1.0.0)
    yajl-ruby (1.2.1)

PLATFORMS
  ruby

DEPENDENCIES
  chef
  chef-provisioning (>= 1.3.0)
  chef-provisioning-ssh
  chef-vault (>= 2.6.1)
  faker
  highline
  ipaddress
  mixlib-shellout
  ohai (= 7.4.1)
  parallel
  pry
  ruby-progressbar
